GEM
  remote: http://rubygems.org/
  specs:
    awesome_print (1.0.2)
    gd2 (1.1.1)
    rmagick (2.13.1)

PLATFORMS
  ruby

DEPENDENCIES
  awesome_print
  gd2
  rmagick
